GEM
  remote: http://rubygems.org/
  specs:
    bson (1.3.1)
    erubis (2.7.0)
    json (1.5.3)
    mongo (1.3.1)
      bson (>= 1.3.1)
    rack (1.3.2)
    sinatra (1.2.6)
      rack (~> 1.1)
      tilt (>= 1.2.2, < 2.0)
    tilt (1.3.2)

PLATFORMS
  ruby

DEPENDENCIES
  erubis
  json
  mongo
  sinatra
